GEM
  remote: https://rubygems.org/
  specs:
    dotenv (3.1.7)
    mcp-rb (0.3.0)

PLATFORMS
  arm64-darwin-24
  ruby

DEPENDENCIES
  dotenv
  mcp-rb

BUNDLED WITH
   2.6.3
